GEM
  remote: https://rubygems.org/
  specs:
    daemons (1.1.8)
    eventmachine (0.12.10)
    haml (3.1.4)
    httparty (0.8.1)
      multi_json
      multi_xml
    json (1.6.1)
    leankitkanban (0.1.1)
      httparty (= 0.8.1)
      json (= 1.6.1)
    multi_json (1.3.2)
    multi_xml (0.4.4)
    rack (1.4.1)
    rack-protection (1.2.0)
      rack
    sinatra (1.3.2)
      rack (~> 1.3, >= 1.3.6)
      rack-protection (~> 1.2)
      tilt (~> 1.3, >= 1.3.3)
    thin (1.3.1)
      daemons (>= 1.0.9)
      eventmachine (>= 0.12.6)
      rack (>= 1.0.0)
    tilt (1.3.3)

PLATFORMS
  ruby

DEPENDENCIES
  haml
  leankitkanban
  sinatra
  thin
